GEM
  remote: https://rubygems.org/
  specs:
    activesupport (7.1.1)
      base64
      bigdecimal
      concurrent-ruby (~> 1.0, >= 1.0.2)
      connection_pool (>= 2.2.5)
      drb
      i18n (>= 1.6, < 2)
      minitest (>= 5.1)
      mutex_m
      tzinfo (~> 2.0)
    addressable (2.8.6)
      public_suffix (>= 2.0.2, < 6.0)
    ast (2.4.2)
    aws-eventstream (1.2.0)
    aws-partitions (1.845.0)
    aws-sdk-core (3.186.0)
      aws-eventstream (~> 1, >= 1.0.2)
      aws-partitions (~> 1, >= 1.651.0)
      aws-sigv4 (~> 1.5)
      jmespath (~> 1, >= 1.6.1)
    aws-sdk-ecr (1.65.0)
      aws-sdk-core (~> 3, >= 3.184.0)
      aws-sigv4 (~> 1.1)
    aws-sigv4 (1.6.1)
      aws-eventstream (~> 1, >= 1.0.2)
    base64 (0.1.1)
    bigdecimal (3.1.4)
    colored2 (3.1.2)
    concurrent-ruby (1.2.2)
    connection_pool (2.4.1)
    diff-lcs (1.5.0)
    docker-api (2.2.0)
      excon (>= 0.47.0)
      multi_json
    down (5.4.1)
      addressable (~> 2.8)
    drb (2.1.1)
      ruby2_keywords
    excon (0.104.0)
    faraday (2.7.11)
      base64
      faraday-net_http (>= 2.0, < 3.1)
      ruby2_keywords (>= 0.0.4)
    faraday-net_http (3.0.2)
    git (1.19.0)
      addressable (~> 2.8)
      rchardet (~> 1.8)
    hamster (3.0.0)
      concurrent-ruby (~> 1.0)
    i18n (1.14.1)
      concurrent-ruby (~> 1.0)
    immutable-struct (2.4.1)
    jmespath (1.6.2)
    json (2.7.1)
    language_server-protocol (3.17.0.3)
    lino (3.1.0)
      hamster (~> 3.0)
      open4 (~> 1.3)
    minitar (0.9)
    minitest (5.20.0)
    multi_json (1.15.0)
    mutex_m (0.1.2)
    net-scp (4.0.0)
      net-ssh (>= 2.6.5, < 8.0.0)
    net-ssh (7.2.0)
    net-telnet (0.1.1)
    nokogiri (1.16.0-arm64-darwin)
      racc (~> 1.4)
    nokogiri (1.16.0-x86_64-linux)
      racc (~> 1.4)
    octokit (8.0.0)
      faraday (>= 1, < 3)
      sawyer (~> 0.9)
    open4 (1.3.4)
    os (1.1.4)
    parallel (1.24.0)
    parser (3.3.0.4)
      ast (~> 2.4.1)
      racc
    public_suffix (5.0.4)
    racc (1.7.3)
    rainbow (3.1.1)
    rake (13.1.0)
    rake_circle_ci (0.11.0)
      colored2 (~> 3.1)
      excon (~> 0.72)
      rake_factory (~> 0.23)
      sshkey (~> 2.0)
    rake_dependencies (3.5.0)
      down (~> 5.3)
      hamster (~> 3.0)
      minitar (~> 0.9)
      rake_factory (~> 0.23)
      rubyzip (>= 1.3)
    rake_docker (2.19.0)
      aws-sdk-ecr (~> 1.2)
      colored2 (~> 3.1)
      docker-api (>= 1.34, < 3.0)
      rake_factory (~> 0.23)
    rake_factory (0.32.0.pre.2)
      activesupport (>= 4)
      rake (~> 13.0)
    rake_git (0.1.0.pre.10)
      colored2 (~> 3.1)
      git (~> 1.13, >= 1.13.2)
      rake_factory (= 0.32.0.pre.2)
    rake_git_crypt (0.1.0.pre.29)
      colored2 (~> 3.1)
      rake_factory (= 0.32.0.pre.2)
      ruby_git_crypt (= 0.1.0.pre.4)
      ruby_gpg2 (~> 0.6)
    rake_github (0.13.0)
      colored2 (~> 3.1)
      octokit (>= 4.16, < 9.0)
      rake_factory (~> 0.23)
      sshkey (~> 2.0)
    rake_gpg (0.18.0)
      rake_factory (~> 0.23)
      ruby_gpg2 (~> 0.6)
    rake_ssh (0.10.0)
      colored2 (~> 3.1)
      rake_factory (~> 0.23)
      sshkey (~> 2.0)
    rake_terraform (1.23.0)
      colored2 (~> 3.1)
      rake_dependencies (~> 3.1)
      rake_factory (~> 0.23)
      ruby-terraform (~> 1.4)
    rchardet (1.8.0)
    regexp_parser (2.9.0)
    rexml (3.2.6)
    rspec (3.12.0)
      rspec-core (~> 3.12.0)
      rspec-expectations (~> 3.12.0)
      rspec-mocks (~> 3.12.0)
    rspec-core (3.12.2)
      rspec-support (~> 3.12.0)
    rspec-expectations (3.12.3)
      diff-lcs (>= 1.2.0, < 2.0)
      rspec-support (~> 3.12.0)
    rspec-its (1.3.0)
      rspec-core (>= 3.0.0)
      rspec-expectations (>= 3.0.0)
    rspec-mocks (3.12.6)
      diff-lcs (>= 1.2.0, < 2.0)
      rspec-support (~> 3.12.0)
    rspec-support (3.12.1)
    rubocop (1.60.0)
      json (~> 2.3)
      language_server-protocol (>= 3.17.0)
      parallel (~> 1.10)
      parser (>= 3.3.0.2)
      rainbow (>= 2.2.2, < 4.0)
      regexp_parser (>= 1.8, < 3.0)
      rexml (>= 3.2.5, < 4.0)
      rubocop-ast (>= 1.30.0, < 2.0)
      ruby-progressbar (~> 1.7)
      unicode-display_width (>= 2.4.0, < 3.0)
    rubocop-ast (1.30.0)
      parser (>= 3.2.1.0)
    rubocop-capybara (2.19.0)
      rubocop (~> 1.41)
    rubocop-factory_bot (2.24.0)
      rubocop (~> 1.33)
    rubocop-rake (0.6.0)
      rubocop (~> 1.0)
    rubocop-rspec (2.25.0)
      rubocop (~> 1.40)
      rubocop-capybara (~> 2.17)
      rubocop-factory_bot (~> 2.22)
    ruby-progressbar (1.13.0)
    ruby-terraform (1.7.0)
      immutable-struct (~> 2.4)
      lino (~> 3.0)
    ruby2_keywords (0.0.5)
    ruby_git_crypt (0.1.0.pre.4)
      immutable-struct (~> 2.4)
      lino (~> 3.0)
    ruby_gpg2 (0.10.0)
      lino (~> 3.0)
    rubyzip (2.3.2)
    sawyer (0.9.2)
      addressable (>= 2.3.5)
      faraday (>= 0.17.3, < 3)
    semantic (1.6.1)
    serverspec (2.42.3)
      multi_json
      rspec (~> 3.0)
      rspec-its
      specinfra (~> 2.72)
    sfl (2.3)
    specinfra (2.87.0)
      net-scp
      net-ssh (>= 2.7)
      net-telnet (= 0.1.1)
      sfl
    sshkey (2.0.0)
    tzinfo (2.0.6)
      concurrent-ruby (~> 1.0)
    unicode-display_width (2.5.0)

PLATFORMS
  arm64-darwin-21
  arm64-darwin-22
  x86_64-linux

DEPENDENCIES
  docker-api
  git
  nokogiri
  os
  rake
  rake_circle_ci
  rake_docker
  rake_git
  rake_git_crypt
  rake_github
  rake_gpg
  rake_ssh
  rake_terraform
  rspec
  rubocop
  rubocop-rake
  rubocop-rspec
  semantic
  serverspec

BUNDLED WITH
   2.3.9
