GEM
  remote: https://rubygems.org/
  specs:
    activesupport (6.0.3.1)
      concurrent-ruby (~> 1.0, >= 1.0.2)
      i18n (>= 0.7, < 2)
      minitest (~> 5.1)
      tzinfo (~> 1.1)
      zeitwerk (~> 2.2, >= 2.2.2)
    addressable (2.7.0)
      public_suffix (>= 2.0.2, < 5.0)
    ast (2.4.2)
    aws-eventstream (1.1.0)
    aws-partitions (1.320.0)
    aws-sdk-core (3.96.1)
      aws-eventstream (~> 1, >= 1.0.2)
      aws-partitions (~> 1, >= 1.239.0)
      aws-sigv4 (~> 1.1)
      jmespath (~> 1.0)
    aws-sdk-ecr (1.29.0)
      aws-sdk-core (~> 3, >= 3.71.0)
      aws-sigv4 (~> 1.1)
    aws-sigv4 (1.1.3)
      aws-eventstream (~> 1.0, >= 1.0.2)
    colored2 (3.1.2)
    concurrent-ruby (1.1.6)
    diff-lcs (1.3)
    docker-api (1.34.2)
      excon (>= 0.47.0)
      multi_json
    excon (0.73.0)
    faraday (1.0.1)
      multipart-post (>= 1.2, < 3)
    git (1.7.0)
      rchardet (~> 1.8)
    hamster (3.0.0)
      concurrent-ruby (~> 1.0)
    i18n (1.8.2)
      concurrent-ruby (~> 1.0)
    jmespath (1.4.0)
    lino (1.5.0)
      hamster (~> 3.0)
      open4 (~> 1.3)
    minitar (0.9)
    minitest (5.14.1)
    multi_json (1.14.1)
    multipart-post (2.1.1)
    net-scp (3.0.0)
      net-ssh (>= 2.6.5, < 7.0.0)
    net-ssh (6.1.0)
    net-telnet (0.1.1)
    octokit (4.18.0)
      faraday (>= 0.9)
      sawyer (~> 0.8.0, >= 0.5.3)
    open4 (1.3.4)
    os (1.1.1)
    parallel (1.20.1)
    parser (3.0.0.0)
      ast (~> 2.4.1)
    public_suffix (4.0.5)
    rainbow (3.0.0)
    rake (13.0.1)
    rake_circle_ci (0.9.0)
      colored2 (~> 3.1)
      excon (~> 0.72)
      rake_factory (~> 0.23)
      sshkey (~> 2.0)
    rake_dependencies (2.5.0)
      hamster (~> 3.0)
      minitar (~> 0.9)
      rake_factory (~> 0.23)
      rubyzip (>= 1.3)
    rake_docker (2.11.0)
      aws-sdk-ecr (~> 1.2)
      colored2 (~> 3.1)
      docker-api (~> 1.34)
      rake_factory (~> 0.23)
    rake_factory (0.27.0)
      activesupport (>= 4)
      rake (~> 13.0)
    rake_github (0.5.0)
      colored2 (~> 3.1)
      octokit (~> 4.16)
      rake_factory (~> 0.23)
      sshkey (~> 2.0)
    rake_gpg (0.12.0)
      rake_factory (>= 0.23, < 1)
      ruby_gpg2 (>= 0.6, < 1)
    rake_ssh (0.4.0)
      colored2 (~> 3.1)
      rake_factory (~> 0.23)
      sshkey (~> 2.0)
    rake_terraform (1.11.0)
      colored2 (~> 3.1)
      rake_dependencies (~> 2, < 3)
      rake_factory (>= 0.23, < 1)
      ruby-terraform (>= 0.62, < 1)
    rchardet (1.8.0)
    regexp_parser (2.1.1)
    rexml (3.2.4)
    rspec (3.9.0)
      rspec-core (~> 3.9.0)
      rspec-expectations (~> 3.9.0)
      rspec-mocks (~> 3.9.0)
    rspec-core (3.9.2)
      rspec-support (~> 3.9.3)
    rspec-expectations (3.9.2)
      diff-lcs (>= 1.2.0, < 2.0)
      rspec-support (~> 3.9.0)
    rspec-its (1.3.0)
      rspec-core (>= 3.0.0)
      rspec-expectations (>= 3.0.0)
    rspec-mocks (3.9.1)
      diff-lcs (>= 1.2.0, < 2.0)
      rspec-support (~> 3.9.0)
    rspec-support (3.9.3)
    rubocop (1.12.0)
      parallel (~> 1.10)
      parser (>= 3.0.0.0)
      rainbow (>= 2.2.2, < 4.0)
      regexp_parser (>= 1.8, < 3.0)
      rexml
      rubocop-ast (>= 1.2.0, < 2.0)
      ruby-progressbar (~> 1.7)
      unicode-display_width (>= 1.4.0, < 3.0)
    rubocop-ast (1.4.1)
      parser (>= 2.7.1.5)
    rubocop-rake (0.5.1)
      rubocop
    rubocop-rspec (2.2.0)
      rubocop (~> 1.0)
      rubocop-ast (>= 1.1.0)
    ruby-progressbar (1.11.0)
    ruby-terraform (0.62.0)
      lino (>= 1.5)
    ruby_gpg2 (0.6.0)
      lino (>= 1.5)
    rubyzip (2.3.0)
    sawyer (0.8.2)
      addressable (>= 2.3.5)
      faraday (> 0.8, < 2.0)
    semantic (1.6.1)
    serverspec (2.41.5)
      multi_json
      rspec (~> 3.0)
      rspec-its
      specinfra (~> 2.72)
    sfl (2.3)
    specinfra (2.82.18)
      net-scp
      net-ssh (>= 2.7)
      net-telnet (= 0.1.1)
      sfl
    sshkey (2.0.0)
    thread_safe (0.3.6)
    tzinfo (1.2.7)
      thread_safe (~> 0.1)
    unicode-display_width (2.0.0)
    zeitwerk (2.3.0)

PLATFORMS
  ruby

DEPENDENCIES
  docker-api
  git
  os
  rake
  rake_circle_ci
  rake_docker
  rake_github
  rake_gpg
  rake_ssh
  rake_terraform
  rspec
  rubocop
  rubocop-rake
  rubocop-rspec
  semantic
  serverspec

BUNDLED WITH
   2.1.4
